GIT
  remote: https://github.com/rspec/rspec-core.git
  revision: da87aa0c5f25a6e6f2db6f0c8fb2a04625b80ac6
  branch: master
  specs:
    rspec-core (3.10.0.pre)
      rspec-support (= 3.10.0.pre)

GIT
  remote: https://github.com/rspec/rspec-expectations.git
  revision: 866dc56065e10ddfded0078a9a108c7d115ed1ed
  branch: master
  specs:
    rspec-expectations (3.10.0.pre)
      diff-lcs (>= 1.2.0, < 2.0)
      rspec-support (= 3.10.0.pre)

GIT
  remote: https://github.com/rspec/rspec-mocks.git
  revision: ae6e11d7f5100146c4b58b165975a29e2ccc60db
  branch: master
  specs:
    rspec-mocks (3.10.0.pre)
      diff-lcs (>= 1.2.0, < 2.0)
      rspec-support (= 3.10.0.pre)

GIT
  remote: https://github.com/rspec/rspec-support.git
  revision: 9cec8e858228ee1d1395e4e6186ac39c2a83d705
  branch: master
  specs:
    rspec-support (3.10.0.pre)

GIT
  remote: https://github.com/rspec/rspec.git
  revision: 3e6c0fb9c9ec68eddd409cfe7b3eb077b390b302
  branch: master
  specs:
    rspec (3.10.0.pre)
      rspec-core (= 3.10.0.pre)
      rspec-expectations (= 3.10.0.pre)
      rspec-mocks (= 3.10.0.pre)

GEM
  remote: https://rubygems.org/
  specs:
    diff-lcs (1.3)

PLATFORMS
  ruby

DEPENDENCIES
  rspec!
  rspec-core!
  rspec-expectations!
  rspec-mocks!
  rspec-support!

BUNDLED WITH
   2.1.4
